GEM
  remote: http://rubygems.org/
  specs:
    activesupport (3.0.9)
    git (1.2.5)
    i18n (0.6.0)
    jeweler (1.6.2)
      bundler (~> 1.0)
      git (>= 1.2.5)
      rake
    rake (0.9.2)
    rcov (0.9.9)
    shoulda (2.11.3)

PLATFORMS
  ruby

DEPENDENCIES
  activesupport (>= 3)
  bundler (~> 1.0.0)
  i18n (>= 0.6.0)
  jeweler (~> 1.6.2)
  rcov
  shoulda
